GIT
  remote: git@github.com:icelab/call_sheet
  revision: b251adbe1c8c43a79b33cab26614c6fb2c091a0b
  specs:
    call_sheet (0.1.0)
      deterministic (>= 0.15.3)
      wisper (>= 1.6.0)

GIT
  remote: git@github.com:rom-rb/rom-mapper.git
  revision: e07b7f5a89f0b57fcfe076f45ed729dec9e626ff
  specs:
    rom-mapper (0.3.0.beta1)
      equalizer (~> 0.0, >= 0.0.10)
      rom-support (~> 1.0.0.beta1)

GIT
  remote: git@github.com:rom-rb/rom-repository.git
  revision: 306bcc46dbd07e1332bc7236372f81bab3f1dfa5
  specs:
    rom-repository (0.2.0.beta1)
      anima (~> 0.2, >= 0.2)
      rom (~> 1.0.0.beta1)
      rom-mapper (~> 0.3.beta1)
      rom-support (~> 1.0.0.beta1)

GIT
  remote: git@github.com:rom-rb/rom-sql.git
  revision: 4aef266522c1ab95e2fbe91272af240b363507ce
  specs:
    rom-sql (0.7.0.beta1)
      equalizer (~> 0.0, >= 0.0.9)
      rom (~> 1.0.0.beta1)
      sequel (~> 4.18)

GIT
  remote: git@github.com:rom-rb/rom-support.git
  revision: f232fa7f43d623e286a5096c6aedad6ecf53c609
  specs:
    rom-support (1.0.0.beta1)
      wisper (~> 1.6, >= 1.6.0)

GIT
  remote: git@github.com:rom-rb/rom.git
  revision: 82a438f8427991af38ec9e9e516ff627068969cc
  specs:
    rom (1.0.0.beta1)
      equalizer (~> 0.0, >= 0.0.9)
      rom-mapper (~> 0.3.0.beta1)
      rom-support (~> 1.0.0.beta1)

GIT
  remote: git@github.com:solnic/transproc.git
  revision: 86c8b3af719fc0358dc253615b3aa10f604e19bd
  specs:
    transproc (0.4.0)

GEM
  remote: https://rubygems.org/
  specs:
    abstract_type (0.0.7)
    activesupport (4.2.4)
      i18n (~> 0.7)
      json (~> 1.7, >= 1.7.7)
      minitest (~> 5.1)
      thread_safe (~> 0.3, >= 0.3.4)
      tzinfo (~> 1.1)
    adamantium (0.2.0)
      ice_nine (~> 0.11.0)
      memoizable (~> 0.4.0)
    addressable (2.3.8)
    anima (0.3.0)
      abstract_type (~> 0.0.7)
      adamantium (~> 0.2)
      equalizer (~> 0.0.11)
    bcrypt (3.1.10)
    byebug (5.0.0)
      columnize (= 0.9.0)
    capybara (2.5.0)
      mime-types (>= 1.16)
      nokogiri (>= 1.3.3)
      rack (>= 1.0.0)
      rack-test (>= 0.5.4)
      xpath (~> 2.0)
    capybara-screenshot (1.0.11)
      capybara (>= 1.0, < 3)
      launchy
    coderay (1.1.0)
    columnize (0.9.0)
    database_cleaner (1.5.1)
    deterministic (0.15.3)
    diff-lcs (1.2.5)
    dotenv (2.0.2)
    dry-configurable (0.1.2)
      thread_safe
    dry-container (0.2.4)
      dry-configurable (= 0.1.2)
      thread_safe
    dry-data (0.0.1)
      dry-container (~> 0.2)
      inflecto (~> 0.0.0, >= 0.0.2)
      kleisli (~> 0.2)
    equalizer (0.0.11)
    ffi (1.9.10)
    formatador (0.2.5)
    guard (2.13.0)
      formatador (>= 0.2.4)
      listen (>= 2.7, <= 4.0)
      lumberjack (~> 1.0)
      nenv (~> 0.1)
      notiffany (~> 0.0)
      pry (>= 0.9.12)
      shellany (~> 0.0)
      thor (>= 0.18.1)
    guard-compat (1.2.1)
    guard-rspec (4.6.4)
      guard (~> 2.1)
      guard-compat (~> 1.1)
      rspec (>= 2.99.0, < 4.0)
    i18n (0.7.0)
    ice_nine (0.11.1)
    inflecto (0.0.2)
    json (1.8.3)
    kleisli (0.2.6)
    launchy (2.4.3)
      addressable (~> 2.3)
    listen (3.0.3)
      rb-fsevent (>= 0.9.3)
      rb-inotify (>= 0.9)
    lumberjack (1.0.9)
    memoizable (0.4.2)
      thread_safe (~> 0.3, >= 0.3.1)
    method_source (0.8.2)
    mime-types (2.6.2)
    mini_portile (0.6.2)
    minitest (5.8.2)
    nenv (0.2.0)
    nokogiri (1.6.6.2)
      mini_portile (~> 0.6.0)
    notiffany (0.0.8)
      nenv (~> 0.1)
      shellany (~> 0.0)
    pg (0.18.3)
    pry (0.10.3)
      coderay (~> 1.1.0)
      method_source (~> 0.8.1)
      slop (~> 3.4)
    pry-byebug (3.2.0)
      byebug (~> 5.0)
      pry (~> 0.10)
    puma (2.14.0)
    rack (1.6.4)
    rack-test (0.6.3)
      rack (>= 1.0)
    rb-fsevent (0.9.6)
    rb-inotify (0.9.5)
      ffi (>= 0.5.0)
    roda (2.7.0)
      rack
    roda-container (0.1.1)
      dry-container
    roda-flow (0.2.0)
      dry-container (~> 0.2.4)
      roda-container
    rspec (3.3.0)
      rspec-core (~> 3.3.0)
      rspec-expectations (~> 3.3.0)
      rspec-mocks (~> 3.3.0)
    rspec-core (3.3.2)
      rspec-support (~> 3.3.0)
    rspec-expectations (3.3.1)
      diff-lcs (>= 1.2.0, < 2.0)
      rspec-support (~> 3.3.0)
    rspec-mocks (3.3.2)
      diff-lcs (>= 1.2.0, < 2.0)
      rspec-support (~> 3.3.0)
    rspec-support (3.3.0)
    sequel (4.27.0)
    shellany (0.0.1)
    shotgun (0.9.1)
      rack (>= 1.0)
    site_prism (2.8)
      addressable (>= 2.3.3, < 3.0)
      capybara (>= 2.1, < 3.0)
    slim (3.0.6)
      temple (~> 0.7.3)
      tilt (>= 1.3.3, < 2.1)
    slop (3.6.0)
    sqlite3 (1.3.11)
    temple (0.7.6)
    thor (0.19.1)
    thread_safe (0.3.5)
    tilt (2.0.1)
    tzinfo (1.2.2)
      thread_safe (~> 0.1)
    wisper (1.6.1)
    xpath (2.0.0)
      nokogiri (~> 1.3)

PLATFORMS
  ruby

DEPENDENCIES
  activesupport
  bcrypt
  call_sheet!
  capybara
  capybara-screenshot
  database_cleaner
  dotenv
  dry-data
  guard-rspec
  pg
  pry-byebug
  puma
  roda
  roda-flow
  rom!
  rom-mapper!
  rom-repository!
  rom-sql!
  rom-support!
  rspec
  shotgun
  site_prism
  slim
  sqlite3
  transproc!

BUNDLED WITH
   1.10.6
